GEM
  remote: http://rubygems.org/
  specs:
    diff-lcs (1.2.1)
    nokogiri (1.5.6)
    rack (1.5.2)
    rake (0.8.7)
    rspec (2.13.0)
      rspec-core (~> 2.13.0)
      rspec-expectations (~> 2.13.0)
      rspec-mocks (~> 2.13.0)
    rspec-core (2.13.0)
    rspec-expectations (2.13.0)
      diff-lcs (>= 1.1.3, < 2.0)
    rspec-mocks (2.13.0)

PLATFORMS
  ruby

DEPENDENCIES
  nokogiri
  rack (~> 1.1)
  rake (= 0.8.7)
  rspec
